GEM
  remote: https://rubygems.org/
  specs:
    awesome_print (1.6.1)
    fastercsv (1.5.5)
    i18n (0.7.0)
    sequel (4.26.0)
    sqlite3 (1.3.10)
    trollop (2.1.2)

PLATFORMS
  ruby

DEPENDENCIES
  awesome_print
  fastercsv
  i18n
  sequel
  sqlite3
  trollop

BUNDLED WITH
   1.10.6
